PATH
  remote: ../..
  specs:
    consul (0.12.4)
      edge_rider (>= 0.3.0)
      memoizer
      rails

GEM
  remote: https://rubygems.org/
  specs:
    actionmailer (2.3.18)
      actionpack (= 2.3.18)
    actionpack (2.3.18)
      activesupport (= 2.3.18)
      rack (~> 1.1.0)
    activerecord (2.3.18)
      activesupport (= 2.3.18)
    activeresource (2.3.18)
      activesupport (= 2.3.18)
    activesupport (2.3.18)
    assignable_values (0.7.1)
      activerecord
    edge_rider (0.3.2)
      activerecord
    hoe (2.8.0)
      rake (>= 0.8.7)
    memoizer (1.0.3)
    rack (1.1.6)
    rails (2.3.18)
      actionmailer (= 2.3.18)
      actionpack (= 2.3.18)
      activerecord (= 2.3.18)
      activeresource (= 2.3.18)
      activesupport (= 2.3.18)
      rake (>= 0.8.3)
    rake (10.0.4)
    rspec (1.3.2)
    rspec-rails (1.3.4)
      rack (>= 1.0.0)
      rspec (~> 1.3.1)
    rspec_candy (0.2.9)
      rspec
      sneaky-save
    shoulda-matchers (1.0.0)
    sneaky-save (0.0.2)
      activerecord (>= 2.3.2)
    sqlite3 (1.3.7)
    test-unit (1.2.3)
      hoe (>= 1.5.1)

PLATFORMS
  ruby

DEPENDENCIES
  assignable_values
  consul!
  hoe (= 2.8.0)
  rails (~> 2.3)
  rspec (~> 1.3)
  rspec-rails (~> 1.3)
  rspec_candy
  shoulda-matchers (< 2)
  sqlite3
  test-unit (~> 1.2)

BUNDLED WITH
   1.13.7
