PATH
  remote: ../..
  specs:
    consul (0.11.2)
      edge_rider
      memoizer
      rails

GEM
  remote: https://rubygems.org/
  specs:
    actionmailer (4.0.3)
      actionpack (= 4.0.3)
      mail (~> 2.5.4)
    actionpack (4.0.3)
      activesupport (= 4.0.3)
      builder (~> 3.1.0)
      erubis (~> 2.7.0)
      rack (~> 1.5.2)
      rack-test (~> 0.6.2)
    activemodel (4.0.3)
      activesupport (= 4.0.3)
      builder (~> 3.1.0)
    activerecord (4.0.3)
      activemodel (= 4.0.3)
      activerecord-deprecated_finders (~> 1.0.2)
      activesupport (= 4.0.3)
      arel (~> 4.0.0)
    activerecord-deprecated_finders (1.0.3)
    activesupport (4.0.3)
      i18n (~> 0.6, >= 0.6.4)
      minitest (~> 4.2)
      multi_json (~> 1.3)
      thread_safe (~> 0.1)
      tzinfo (~> 0.3.37)
    arel (4.0.2)
    assignable_values (0.8.1)
      activerecord
    atomic (1.1.16)
    bourne (1.4.0)
      mocha (~> 0.13.2)
    builder (3.1.4)
    diff-lcs (1.2.5)
    edge_rider (0.2.4)
      activerecord
    erubis (2.7.0)
    hike (1.2.3)
    i18n (0.6.9)
    mail (2.5.4)
      mime-types (~> 1.16)
      treetop (~> 1.4.8)
    memoizer (1.0.1)
    metaclass (0.0.1)
    mime-types (1.25.1)
    minitest (4.7.5)
    mocha (0.13.3)
      metaclass (~> 0.0.1)
    multi_json (1.9.2)
    polyglot (0.3.4)
    rack (1.5.2)
    rack-test (0.6.2)
      rack (>= 1.0)
    rails (4.0.3)
      actionmailer (= 4.0.3)
      actionpack (= 4.0.3)
      activerecord (= 4.0.3)
      activesupport (= 4.0.3)
      bundler (>= 1.3.0, < 2.0)
      railties (= 4.0.3)
      sprockets-rails (~> 2.0.0)
    railties (4.0.3)
      actionpack (= 4.0.3)
      activesupport (= 4.0.3)
      rake (>= 0.8.7)
      thor (>= 0.18.1, < 2.0)
    rake (10.2.2)
    rspec (2.14.1)
      rspec-core (~> 2.14.0)
      rspec-expectations (~> 2.14.0)
      rspec-mocks (~> 2.14.0)
    rspec-core (2.14.8)
    rspec-expectations (2.14.5)
      diff-lcs (>= 1.1.3, < 2.0)
    rspec-mocks (2.14.6)
    rspec-rails (2.14.2)
      actionpack (>= 3.0)
      activemodel (>= 3.0)
      activesupport (>= 3.0)
      railties (>= 3.0)
      rspec-core (~> 2.14.0)
      rspec-expectations (~> 2.14.0)
      rspec-mocks (~> 2.14.0)
    rspec_candy (0.3.1)
      rspec
      sneaky-save
    shoulda-matchers (1.5.6)
      activesupport (>= 3.0.0)
      bourne (~> 1.3)
    sneaky-save (0.0.5)
      activerecord (>= 3.2.0)
    sprockets (2.11.0)
      hike (~> 1.2)
      multi_json (~> 1.0)
      rack (~> 1.0)
      tilt (~> 1.1, != 1.3.0)
    sprockets-rails (2.0.1)
      actionpack (>= 3.0)
      activesupport (>= 3.0)
      sprockets (~> 2.8)
    sqlite3 (1.3.9)
    thor (0.19.1)
    thread_safe (0.3.1)
      atomic (>= 1.1.7, < 2)
    tilt (1.4.1)
    treetop (1.4.15)
      polyglot
      polyglot (>= 0.3.1)
    tzinfo (0.3.39)

PLATFORMS
  ruby

DEPENDENCIES
  assignable_values
  consul!
  rails (~> 4.0.0)
  rspec
  rspec-rails
  rspec_candy
  shoulda-matchers (< 2)
  sqlite3
